PATH
  remote: .
  specs:
    veye (0.0.5)
      awesome_print (= 1.2.0)
      gli (= 2.8.0)
      rainbow
      render-as-markdown (~> 0.0.1)
      rest-client (= 1.6.7)
      terminal-table (= 1.4.5)

GEM
  remote: https://rubygems.org/
  specs:
    aruba (0.5.3)
      childprocess (>= 0.3.6)
      cucumber (>= 1.1.1)
      rspec-expectations (>= 2.7.0)
    awesome_print (1.2.0)
    builder (3.2.2)
    childprocess (0.3.9)
      ffi (~> 1.0, >= 1.0.11)
    cucumber (1.3.8)
      builder (>= 2.1.2)
      diff-lcs (>= 1.1.3)
      gherkin (~> 2.12.1)
      multi_json (>= 1.7.5, < 2.0)
      multi_test (>= 0.0.2)
    diff-lcs (1.2.4)
    ffi (1.9.0)
    gherkin (2.12.1)
      multi_json (~> 1.3)
    gli (2.8.0)
    json (1.8.0)
    mime-types (1.25)
    multi_json (1.8.1)
    multi_test (0.0.2)
    rainbow (1.1.4)
    rake (10.1.0)
    rdoc (4.0.1)
      json (~> 1.4)
    render-as-markdown (0.0.3)
    rest-client (1.6.7)
      mime-types (>= 1.16)
    rspec-expectations (2.14.3)
      diff-lcs (>= 1.1.3, < 2.0)
    terminal-table (1.4.5)

PLATFORMS
  ruby

DEPENDENCIES
  aruba
  rake
  rdoc
  veye!
